GEM
  remote: http://gems.ruby-china.org/
  specs:
    actionmailer (4.2.5)
      actionpack (= 4.2.5)
      actionview (= 4.2.5)
      activejob (= 4.2.5)
      mail (~> 2.5, >= 2.5.4)
      rails-dom-testing (~> 1.0, >= 1.0.5)
    actionpack (4.2.5)
      actionview (= 4.2.5)
      activesupport (= 4.2.5)
      rack (~> 1.6)
      rack-test (~> 0.6.2)
      rails-dom-testing (~> 1.0, >= 1.0.5)
      rails-html-sanitizer (~> 1.0, >= 1.0.2)
    actionview (4.2.5)
      activesupport (= 4.2.5)
      builder (~> 3.1)
      erubis (~> 2.7.0)
      rails-dom-testing (~> 1.0, >= 1.0.5)
      rails-html-sanitizer (~> 1.0, >= 1.0.2)
    activejob (4.2.5)
      activesupport (= 4.2.5)
      globalid (>= 0.3.0)
    activemodel (4.2.5)
      activesupport (= 4.2.5)
      builder (~> 3.1)
    activerecord (4.2.5)
      activemodel (= 4.2.5)
      activesupport (= 4.2.5)
      arel (~> 6.0)
    activerecord-jdbc-adapter (1.3.21)
      activerecord (>= 2.2)
    activerecord-jdbcmysql-adapter (1.3.21)
      activerecord-jdbc-adapter (~> 1.3.21)
      jdbc-mysql (>= 5.1.22)
    activerecord-jdbcpostgresql-adapter (1.3.21)
      activerecord-jdbc-adapter (~> 1.3.21)
      jdbc-postgres (>= 9.1)
    activesupport (4.2.5)
      i18n (~> 0.7)
      json (~> 1.7, >= 1.7.7)
      minitest (~> 5.1)
      thread_safe (~> 0.3, >= 0.3.4)
      tzinfo (~> 1.1)
    arel (6.0.3)
    axiom-types (0.1.1)
      descendants_tracker (~> 0.0.4)
      ice_nine (~> 0.11.0)
      thread_safe (~> 0.3, >= 0.3.1)
    binding_of_caller (0.7.2)
      debug_inspector (>= 0.0.1)
    blankslate (2.1.2.4)
    builder (3.2.2)
    byebug (9.0.6)
    coercible (1.0.0)
      descendants_tracker (~> 0.0.1)
    coffee-rails (4.1.1)
      coffee-script (>= 2.2.0)
      railties (>= 4.0.0, < 5.1.x)
    coffee-script (2.4.1)
      coffee-script-source
      execjs
    coffee-script-source (1.11.1)
    concurrent-ruby (1.0.2-java)
    debug_inspector (0.0.2)
    descendants_tracker (0.0.4)
      thread_safe (~> 0.3, >= 0.3.1)
    edn (1.0.0)
      parslet (~> 1.4.0)
    equalizer (0.0.11)
    erubis (2.7.0)
    execjs (2.7.0)
    globalid (0.3.7)
      activesupport (>= 4.1.0)
    i18n (0.7.0)
    ice_nine (0.11.2)
    jar-dependencies (0.3.7)
    jbuilder (2.6.1)
      activesupport (>= 3.0.0, < 5.1)
      multi_json (~> 1.2)
    jbundler (0.9.3)
      bundler (~> 1.5)
      jar-dependencies (~> 0.3)
      maven-tools (~> 1.1)
      ruby-maven (~> 3.3, >= 3.3.8)
    jdbc-mysql (5.1.39)
    jdbc-postgres (9.4.1206)
    jquery-rails (4.2.1)
      rails-dom-testing (>= 1, < 3)
      railties (>= 4.2.0)
      thor (>= 0.14, < 2.0)
    jruby_activiti (2.0.8)
      jbundler
      sinatra
    json (1.8.3-java)
    loofah (2.0.3)
      nokogiri (>= 1.5.9)
    mail (2.6.4)
      mime-types (>= 1.16, < 4)
    maven-tools (1.1.6)
      virtus (~> 1.0)
    mime-types (3.1)
      mime-types-data (~> 3.2015)
    mime-types-data (3.2016.0521)
    minitest (5.10.1)
    multi_json (1.12.1)
    nokogiri (1.6.8.1-java)
    parslet (1.4.0)
      blankslate (~> 2.0)
    rack (1.6.5)
    rack-protection (1.5.3)
      rack
    rack-test (0.6.3)
      rack (>= 1.0)
    rails (4.2.5)
      actionmailer (= 4.2.5)
      actionpack (= 4.2.5)
      actionview (= 4.2.5)
      activejob (= 4.2.5)
      activemodel (= 4.2.5)
      activerecord (= 4.2.5)
      activesupport (= 4.2.5)
      bundler (>= 1.3.0, < 2.0)
      railties (= 4.2.5)
      sprockets-rails
    rails-deprecated_sanitizer (1.0.3)
      activesupport (>= 4.2.0.alpha)
    rails-dom-testing (1.0.7)
      activesupport (>= 4.2.0.beta, < 5.0)
      nokogiri (~> 1.6.0)
      rails-deprecated_sanitizer (>= 1.0.1)
    rails-html-sanitizer (1.0.3)
      loofah (~> 2.0)
    railties (4.2.5)
      actionpack (= 4.2.5)
      activesupport (= 4.2.5)
      rake (>= 0.8.7)
      thor (>= 0.18.1, < 2.0)
    rake (11.3.0)
    rdoc (4.3.0)
    ruby-maven (3.3.12)
      ruby-maven-libs (~> 3.3.9)
    ruby-maven-libs (3.3.9)
    sass (3.4.22)
    sass-rails (5.0.6)
      railties (>= 4.0.0, < 6)
      sass (~> 3.1)
      sprockets (>= 2.8, < 4.0)
      sprockets-rails (>= 2.0, < 4.0)
      tilt (>= 1.1, < 3)
    sdoc (0.4.2)
      json (~> 1.7, >= 1.7.7)
      rdoc (~> 4.0)
    sinatra (1.4.7)
      rack (~> 1.5)
      rack-protection (~> 1.4)
      tilt (>= 1.3, < 3)
    spring (2.0.0)
      activesupport (>= 4.2)
    sprockets (3.7.0)
      concurrent-ruby (~> 1.0)
      rack (> 1, < 3)
    sprockets-rails (3.2.0)
      actionpack (>= 4.0)
      activesupport (>= 4.0)
      sprockets (>= 3.0.0)
    thor (0.19.4)
    thread_safe (0.3.5-java)
    tilt (2.0.5)
    torquebox (3.2.0)
      thor (>= 0.14.6)
      torquebox-cache (= 3.2.0)
      torquebox-configure (= 3.2.0)
      torquebox-core (= 3.2.0)
      torquebox-messaging (= 3.2.0)
      torquebox-naming (= 3.2.0)
      torquebox-rake-support (= 3.2.0)
      torquebox-security (= 3.2.0)
      torquebox-stomp (= 3.2.0)
      torquebox-transactions (= 3.2.0)
      torquebox-web (= 3.2.0)
    torquebox-cache (3.2.0-java)
      torquebox-core (= 3.2.0)
      torquebox-transactions (= 3.2.0)
    torquebox-configure (3.2.0-java)
      blankslate (= 2.1.2.4)
    torquebox-core (3.2.0-java)
      edn (= 1.0.0)
    torquebox-messaging (3.2.0-java)
      torquebox-core (= 3.2.0)
      torquebox-transactions (= 3.2.0)
    torquebox-naming (3.2.0-java)
      torquebox-core (= 3.2.0)
    torquebox-rake-support (3.2.0)
      rake (>= 0.8.7)
    torquebox-security (3.2.0-java)
      torquebox-core (= 3.2.0)
    torquebox-stomp (3.2.0)
      torquebox-core (= 3.2.0)
      torquebox-messaging (= 3.2.0)
    torquebox-transactions (3.2.0)
      torquebox-core (= 3.2.0)
    torquebox-web (3.2.0-java)
    turbolinks (5.0.1)
      turbolinks-source (~> 5)
    turbolinks-source (5.0.0)
    tzinfo (1.2.2)
      thread_safe (~> 0.1)
    uglifier (3.0.4)
      execjs (>= 0.3.0, < 3)
    virtus (1.0.5)
      axiom-types (~> 0.1)
      coercible (~> 1.0)
      descendants_tracker (~> 0.0, >= 0.0.3)
      equalizer (~> 0.0, >= 0.0.9)
    web-console (2.3.0)
      activemodel (>= 4.0)
      binding_of_caller (>= 0.7.2)
      railties (>= 4.0)
      sprockets-rails (>= 2.0, < 4.0)

PLATFORMS
  java

DEPENDENCIES
  activerecord-jdbcmysql-adapter
  activerecord-jdbcpostgresql-adapter
  byebug
  coffee-rails (~> 4.1.0)
  jbuilder (~> 2.0)
  jdbc-mysql
  jdbc-postgres
  jquery-rails
  jruby_activiti
  rails (= 4.2.5)
  ruby-maven (~> 3.3.11)
  sass-rails (~> 5.0)
  sdoc (~> 0.4.0)
  spring
  thread_safe
  torquebox (= 3.2.0)
  turbolinks
  uglifier (>= 1.3.0)
  web-console (~> 2.0)

BUNDLED WITH
   1.13.6
