PATH
  remote: .
  specs:
    jbundler (0.9.2)
      bundler (~> 1.5)
      jar-dependencies (~> 0.3)
      maven-tools (~> 1.0.10)
      ruby-maven (~> 3.3, >= 3.3.8)

GEM
  remote: https://rubygems.org/
  specs:
    axiom-types (0.1.1)
      descendants_tracker (~> 0.0.4)
      ice_nine (~> 0.11.0)
      thread_safe (~> 0.3, >= 0.3.1)
    coercible (1.0.0)
      descendants_tracker (~> 0.0.1)
    descendants_tracker (0.0.4)
      thread_safe (~> 0.3, >= 0.3.1)
    equalizer (0.0.11)
    ice_nine (0.11.1)
    jar-dependencies (0.3.1)
    maven-tools (1.0.13)
      virtus (~> 1.0)
    minitest (5.8.0)
    rake (10.4.2)
    ruby-maven (3.3.8)
      ruby-maven-libs (~> 3.3.1)
    ruby-maven-libs (3.3.3)
    thread_safe (0.3.5-java)
    virtus (1.0.5)
      axiom-types (~> 0.1)
      coercible (~> 1.0)
      descendants_tracker (~> 0.0, >= 0.0.3)
      equalizer (~> 0.0, >= 0.0.9)

PLATFORMS
  java

DEPENDENCIES
  copyright-header (= 1.0.8)
  jbundler!
  minitest (~> 5.3)
  rake (~> 10.0)

BUNDLED WITH
   1.10.6
